GEM
  remote: https://rubygems.org/
  specs:
    net-ping (1.7.4)

PLATFORMS
  ruby

DEPENDENCIES
  net-ping (~> 1.7.4)
